PATH
  remote: .
  specs:
    chow_now_cli (0.1.0)
      io-console
      nokogiri
      require_all
      text-table (~> 1.2, >= 1.2.4)

GEM
  remote: https://rubygems.org/
  specs:
    coderay (1.1.2)
    io-console (0.4.8)
    method_source (0.9.2)
    mini_portile2 (2.8.1)
    nokogiri (1.14.3)
      mini_portile2 (~> 2.8.0)
      racc (~> 1.4)
    pry (0.12.2)
      coderay (~> 1.1.0)
      method_source (~> 0.9.0)
    pry-nav (0.3.0)
      pry (>= 0.9.10, < 0.13.0)
    racc (1.6.2)
    rake (13.0.6)
    require_all (2.0.0)
    text-table (1.2.4)

PLATFORMS
  ruby

DEPENDENCIES
  bundler (~> 2.0)
  chow_now_cli!
  pry
  pry-nav
  rake (~> 13.0)

BUNDLED WITH
   2.0.2
